GIT
  remote: git://github.com/nbudin/google4r-checkout.git
  revision: 9825da4427b0dab73906aea6fce723a23815509a
  ref: 9825da4427b0dab73906
  specs:
    google4r-checkout (1.1)

GEM
  remote: http://rubygems.org/
  specs:
    abstract (1.0.0)
    actionmailer (3.0.3)
      actionpack (= 3.0.3)
      mail (~> 2.2.9)
    actionpack (3.0.3)
      activemodel (= 3.0.3)
      activesupport (= 3.0.3)
      builder (~> 2.1.2)
      erubis (~> 2.6.6)
      i18n (~> 0.4)
      rack (~> 1.2.1)
      rack-mount (~> 0.6.13)
      rack-test (~> 0.5.6)
      tzinfo (~> 0.3.23)
    activemodel (3.0.3)
      activesupport (= 3.0.3)
      builder (~> 2.1.2)
      i18n (~> 0.4)
    activerecord (3.0.3)
      activemodel (= 3.0.3)
      activesupport (= 3.0.3)
      arel (~> 2.0.2)
      tzinfo (~> 0.3.23)
    activeresource (3.0.3)
      activemodel (= 3.0.3)
      activesupport (= 3.0.3)
    activesupport (3.0.3)
    arel (2.0.3)
    bcrypt-ruby (2.1.2)
    builder (2.1.2)
    capybara (0.4.0)
      celerity (>= 0.7.9)
      culerity (>= 0.2.4)
      mime-types (>= 1.16)
      nokogiri (>= 1.3.3)
      rack (>= 1.0.0)
      rack-test (>= 0.5.4)
      selenium-webdriver (>= 0.0.27)
      xpath (~> 0.1.2)
    celerity (0.8.6)
    childprocess (0.1.4)
      ffi (~> 0.6.3)
    columnize (0.3.2)
    configuration (1.2.0)
    cucumber (0.10.0)
      builder (>= 2.1.2)
      diff-lcs (~> 1.1.2)
      gherkin (~> 2.3.2)
      json (~> 1.4.6)
      term-ansicolor (~> 1.0.5)
    cucumber-rails (0.3.2)
      cucumber (>= 0.8.0)
    culerity (0.2.13)
    database_cleaner (0.6.0)
    devise (1.1.5)
      bcrypt-ruby (~> 2.1.2)
      warden (~> 1.0.2)
    diff-lcs (1.1.2)
    email_spec (1.0.0)
    erubis (2.6.6)
      abstract (>= 1.0.0)
    factory_girl (1.3.2)
    factory_girl_rails (1.0)
      factory_girl (~> 1.3)
      rails (>= 3.0.0.beta4)
    ffi (0.6.3)
      rake (>= 0.8.7)
    formtastic (1.2.2)
      actionpack (>= 2.3.7)
      activesupport (>= 2.3.7)
      i18n (>= 0.4.0)
    gherkin (2.3.2)
      json (~> 1.4.6)
      term-ansicolor (~> 1.0.5)
    haml (3.0.23)
    heroku (1.14.10)
      json_pure (>= 1.2.0, < 1.5.0)
      launchy (~> 0.3.2)
      rest-client (>= 1.4.0, < 1.7.0)
    heroku_san (1.0.6)
      heroku
    hpricot (0.8.3)
    i18n (0.4.2)
    json (1.4.6)
    json_pure (1.4.6)
    launchy (0.3.7)
      configuration (>= 0.0.5)
      rake (>= 0.8.1)
    linecache (0.43)
    mail (2.2.9.1)
      activesupport (>= 2.3.6)
      i18n (>= 0.4.1)
      mime-types (~> 1.16)
      treetop (~> 1.4.8)
    mime-types (1.16)
    nokogiri (1.4.4)
    polyglot (0.3.1)
    prawn (0.8.4)
      prawn-core (>= 0.8.4, < 0.9)
      prawn-layout (>= 0.8.4, < 0.9)
      prawn-security (>= 0.8.4, < 0.9)
    prawn-core (0.8.4)
    prawn-layout (0.8.4)
    prawn-security (0.8.4)
    prawnto (0.0.4)
      prawn
      rails (>= 2.1)
    rack (1.2.1)
    rack-mount (0.6.13)
      rack (>= 1.0.0)
    rack-test (0.5.6)
      rack (>= 1.0)
    rails (3.0.3)
      actionmailer (= 3.0.3)
      actionpack (= 3.0.3)
      activerecord (= 3.0.3)
      activeresource (= 3.0.3)
      activesupport (= 3.0.3)
      bundler (~> 1.0)
      railties (= 3.0.3)
    railties (3.0.3)
      actionpack (= 3.0.3)
      activesupport (= 3.0.3)
      rake (>= 0.8.7)
      thor (~> 0.14.4)
    rake (0.8.7)
    rest-client (1.6.1)
      mime-types (>= 1.16)
    rspec (2.3.0)
      rspec-core (~> 2.3.0)
      rspec-expectations (~> 2.3.0)
      rspec-mocks (~> 2.3.0)
    rspec-core (2.3.1)
    rspec-expectations (2.3.0)
      diff-lcs (~> 1.1.2)
    rspec-mocks (2.3.0)
    rspec-rails (2.3.1)
      actionpack (~> 3.0)
      activesupport (~> 3.0)
      railties (~> 3.0)
      rspec (~> 2.3.0)
    ruby-debug (0.10.4)
      columnize (>= 0.1)
      ruby-debug-base (~> 0.10.4.0)
    ruby-debug-base (0.10.4)
      linecache (>= 0.3)
    ruby_parser (2.0.5)
      sexp_processor (~> 3.0)
    rubyzip (0.9.4)
    selenium-webdriver (0.1.1)
      childprocess (= 0.1.4)
      ffi (~> 0.6.3)
      json_pure
      rubyzip
    sexp_processor (3.0.5)
    spork (0.8.4)
    sqlite3-ruby (1.3.2)
    term-ansicolor (1.0.5)
    thor (0.14.4)
    treetop (1.4.9)
      polyglot (>= 0.3.1)
    tzinfo (0.3.23)
    warden (1.0.2)
      rack (>= 1.0.0)
    xpath (0.1.2)
      nokogiri (~> 1.3)

PLATFORMS
  ruby

DEPENDENCIES
  capybara
  cucumber
  cucumber-rails
  database_cleaner
  devise
  email_spec
  factory_girl_rails
  formtastic
  google4r-checkout (= 1.1)!
  haml
  heroku_san
  hpricot
  launchy
  prawn
  prawnto
  rails (= 3.0.3)
  rspec-rails
  ruby-debug
  ruby_parser
  spork
  sqlite3-ruby
